GEM
  remote: http://rubygems.org/
  specs:
    albino (1.3.3)
      posix-spawn (>= 0.3.6)
    posix-spawn (0.3.6)
    redcarpet (2.0.0b4)

PLATFORMS
  ruby

DEPENDENCIES
  albino (~> 1.3.3)
  redcarpet (~> 2.0.0b4)
